GEM
  specs:
    net-sftp (2.1.2)
      net-ssh (>= 2.6.5)
    net-ssh (2.7.0)

PLATFORMS
  ruby

DEPENDENCIES
  net-sftp
