GEM
  remote: https://rubygems.org/
  specs:
    coderay (1.1.0)
    method_source (0.8.2)
    mini_portile2 (2.4.0)
    net-sftp (2.1.2)
      net-ssh (>= 2.6.5)
    net-ssh (2.7.0)
    nokogiri (1.10.8)
      mini_portile2 (~> 2.4.0)
    pry (0.9.12.6)
      coderay (~> 1.0)
      method_source (~> 0.8)
      slop (~> 3.4)
    slop (3.4.7)
    trollop (2.0)

PLATFORMS
  ruby

DEPENDENCIES
  net-sftp
  nokogiri
  pry
  trollop
